PATH
  remote: .
  specs:
    midiskirt (1.1.1)
      activesupport (>= 2.2)

GEM
  remote: http://rubygems.org/
  specs:
    activesupport (3.1.2)
      multi_json (~> 1.0)
    multi_json (1.0.3)
    rake (0.9.2)

PLATFORMS
  ruby

DEPENDENCIES
  midiskirt!
  rake (~> 0.9.2)
