PATH
  remote: .
  specs:
    midiskirt (1.2.0)
      activesupport (>= 2.2)

GEM
  remote: http://rubygems.org/
  specs:
    activesupport (3.2.2)
      i18n (~> 0.6)
      multi_json (~> 1.0)
    i18n (0.6.0)
    multi_json (1.1.0)
    rake (0.9.2)

PLATFORMS
  ruby

DEPENDENCIES
  bundler (>= 1.0.0)
  midiskirt!
  rake
