PATH
  remote: .
  specs:
    miniskirt (1.2.1)
      activesupport

GEM
  remote: https://rubygems.org/
  specs:
    activesupport (3.2.12)
      i18n (~> 0.6)
      multi_json (~> 1.0)
    i18n (0.6.0)
    multi_json (1.7.3)
    rake (0.9.2.2)

PLATFORMS
  ruby

DEPENDENCIES
  i18n (~> 0.6.0)
  miniskirt!
  rake (~> 0.9.2.2)
